GEM
  remote: https://rubygems.org/
  specs:
    awesome_print (1.2.0)
    builder (3.2.2)
    byebug (3.5.1)
      columnize (~> 0.8)
      debugger-linecache (~> 1.2)
      slop (~> 3.6)
    childprocess (0.5.5)
      ffi (~> 1.0, >= 1.0.11)
    columnize (0.8.9)
    commonwatir (4.0.0)
    cucumber (1.3.17)
      builder (>= 2.1.2)
      diff-lcs (>= 1.1.3)
      gherkin (~> 2.12)
      multi_json (>= 1.7.5, < 2.0)
      multi_test (>= 0.1.1)
    data_magic (0.20)
      faker (>= 1.1.2)
      yml_reader (>= 0.4)
    debugger-linecache (1.2.0)
    diff-lcs (1.2.5)
    faker (1.4.3)
      i18n (~> 0.5)
    ffi (1.9.6-x86-mingw32)
    gherkin (2.12.2-x86-mingw32)
      multi_json (~> 1.3)
    headless (1.0.2)
    i18n (0.6.11)
    mini_magick (3.5.0)
      subexec (~> 0.2.1)
    mini_portile (0.6.0)
    multi_json (1.10.1)
    multi_test (0.1.1)
    nokogiri (1.6.3.1-x86-mingw32)
      mini_portile (= 0.6.0)
    page-object (1.0.2)
      page_navigation (>= 0.9)
      selenium-webdriver (>= 2.42.0)
      watir-webdriver (>= 0.6.9)
    page_navigation (0.9)
      data_magic (>= 0.14)
    parallel (1.3.3)
    parallel_tests (1.0.7)
      parallel
    rautomation (0.16.0)
      ffi (~> 1.9.0)
    require_all (1.3.2)
    rspec (3.1.0)
      rspec-core (~> 3.1.0)
      rspec-expectations (~> 3.1.0)
      rspec-mocks (~> 3.1.0)
    rspec-core (3.1.7)
      rspec-support (~> 3.1.0)
    rspec-expectations (3.1.2)
      diff-lcs (>= 1.2.0, < 2.0)
      rspec-support (~> 3.1.0)
    rspec-mocks (3.1.3)
      rspec-support (~> 3.1.0)
    rspec-support (3.1.2)
    ruby-ole (1.2.11.7)
    rubyzip (1.1.6)
    selenium-webdriver (2.43.0)
      childprocess (~> 0.5)
      multi_json (~> 1.0)
      rubyzip (~> 1.0)
      websocket (~> 1.0)
    slop (3.6.0)
    spreadsheet (1.0.0)
      ruby-ole (>= 1.0)
    subexec (0.2.3)
    watir (5.0.0-x86-mingw32)
      commonwatir (~> 4)
      watir-classic (~> 4.0)
      watir-webdriver
    watir-classic (4.0.1)
      ffi (~> 1.0)
      multi_json
      nokogiri (>= 1.5.7.rc3)
      rautomation (~> 0.7)
      win32-process (>= 0.5.5)
      win32screenshot (~> 1.0.9)
      windows-pr (>= 0.6.6)
    watir-webdriver (0.6.11)
      selenium-webdriver (>= 2.18.0)
    websocket (1.2.1)
    win32-api (1.5.1-x86-mingw32)
    win32-process (0.7.4)
      ffi (>= 1.0.0)
    win32screenshot (1.0.10)
      ffi (~> 1.0)
      mini_magick (~> 3.5.0)
      rautomation (~> 0.7)
    windows-api (0.4.2)
      win32-api (>= 1.4.5)
    windows-pr (1.2.3)
      win32-api (>= 1.4.5)
      windows-api (>= 0.4.0)
    yml_reader (0.4)

PLATFORMS
  x86-mingw32

DEPENDENCIES
  awesome_print
  byebug
  cucumber
  data_magic
  headless
  nokogiri
  page-object
  parallel_tests
  require_all
  rspec
  spreadsheet
  watir
  watir-webdriver
